GEM
  remote: https://rubygems.org/
  specs:
    fattr (2.2.2)

PLATFORMS
  ruby

DEPENDENCIES
  fattr
